PATH
  remote: .
  specs:
    dimensiondata (0.1.3)
      activesupport
      colorize
      hashie
      i18n
      typhoeus
      xml-simple

GEM
  remote: http://rubygems.org/
  specs:
    activesupport (4.1.6)
      i18n (~> 0.6, >= 0.6.9)
      json (~> 1.7, >= 1.7.7)
      minitest (~> 5.1)
      thread_safe (~> 0.1)
      tzinfo (~> 1.1)
    colorize (0.7.3)
    ethon (0.7.1)
      ffi (>= 1.3.0)
    ffi (1.9.5)
    hashie (3.3.1)
    i18n (0.6.11)
    json (1.8.1)
    minitest (5.4.2)
    thread_safe (0.3.4)
    typhoeus (0.6.9)
      ethon (>= 0.7.1)
    tzinfo (1.2.2)
      thread_safe (~> 0.1)
    xml-simple (1.1.4)

PLATFORMS
  ruby

DEPENDENCIES
  dimensiondata!
